PATH
  remote: .
  specs:
    steady_state (1.2.0)
      activemodel (>= 5.2)
      activesupport (>= 5.2)

GEM
  remote: https://rubygems.org/
  specs:
    activemodel (8.0.1)
      activesupport (= 8.0.1)
    activesupport (8.0.1)
      base64
      benchmark (>= 0.3)
      bigdecimal
      concurrent-ruby (~> 1.0, >= 1.3.1)
      connection_pool (>= 2.2.5)
      drb
      i18n (>= 1.6, < 2)
      logger (>= 1.4.2)
      minitest (>= 5.1)
      securerandom (>= 0.3)
      tzinfo (~> 2.0, >= 2.0.5)
      uri (>= 0.13.1)
    appraisal (2.5.0)
      bundler
      rake
      thor (>= 0.14.0)
    ast (2.4.2)
    base64 (0.2.0)
    benchmark (0.4.0)
    betterlint (1.18.0)
      rubocop (~> 1.71)
      rubocop-graphql (~> 1.5)
      rubocop-performance (~> 1.23)
      rubocop-rails (~> 2.29)
      rubocop-rake (~> 0.6)
      rubocop-rspec (~> 2.29)
    bigdecimal (3.1.9)
    concurrent-ruby (1.3.5)
    connection_pool (2.5.0)
    diff-lcs (1.5.1)
    drb (2.2.1)
    i18n (1.14.7)
      concurrent-ruby (~> 1.0)
    json (2.9.1)
    language_server-protocol (3.17.0.4)
    logger (1.6.5)
    minitest (5.25.4)
    parallel (1.26.3)
    parser (3.3.7.0)
      ast (~> 2.4.1)
      racc
    racc (1.8.1)
    rack (3.1.8)
    rainbow (3.1.1)
    rake (13.2.1)
    regexp_parser (2.10.0)
    rspec (3.13.0)
      rspec-core (~> 3.13.0)
      rspec-expectations (~> 3.13.0)
      rspec-mocks (~> 3.13.0)
    rspec-core (3.13.2)
      rspec-support (~> 3.13.0)
    rspec-expectations (3.13.3)
      diff-lcs (>= 1.2.0, < 2.0)
      rspec-support (~> 3.13.0)
    rspec-mocks (3.13.2)
      diff-lcs (>= 1.2.0, < 2.0)
      rspec-support (~> 3.13.0)
    rspec-support (3.13.2)
    rubocop (1.71.1)
      json (~> 2.3)
      language_server-protocol (>= 3.17.0)
      parallel (~> 1.10)
      parser (>= 3.3.0.2)
      rainbow (>= 2.2.2, < 4.0)
      regexp_parser (>= 2.9.3, < 3.0)
      rubocop-ast (>= 1.38.0, < 2.0)
      ruby-progressbar (~> 1.7)
      unicode-display_width (>= 2.4.0, < 4.0)
    rubocop-ast (1.38.0)
      parser (>= 3.3.1.0)
    rubocop-capybara (2.21.0)
      rubocop (~> 1.41)
    rubocop-factory_bot (2.26.1)
      rubocop (~> 1.61)
    rubocop-graphql (1.5.4)
      rubocop (>= 1.50, < 2)
    rubocop-performance (1.23.1)
      rubocop (>= 1.48.1, < 2.0)
      rubocop-ast (>= 1.31.1, < 2.0)
    rubocop-rails (2.29.1)
      activesupport (>= 4.2.0)
      rack (>= 1.1)
      rubocop (>= 1.52.0, < 2.0)
      rubocop-ast (>= 1.31.1, < 2.0)
    rubocop-rake (0.6.0)
      rubocop (~> 1.0)
    rubocop-rspec (2.31.0)
      rubocop (~> 1.40)
      rubocop-capybara (~> 2.17)
      rubocop-factory_bot (~> 2.22)
      rubocop-rspec_rails (~> 2.28)
    rubocop-rspec_rails (2.29.1)
      rubocop (~> 1.61)
    ruby-progressbar (1.13.0)
    securerandom (0.4.1)
    thor (1.3.2)
    tzinfo (2.0.6)
      concurrent-ruby (~> 1.0)
    unicode-display_width (2.6.0)
    uri (1.0.2)

PLATFORMS
  arm64-darwin-22
  ruby
  x86_64-darwin-21
  x86_64-darwin-22
  x86_64-linux

DEPENDENCIES
  appraisal
  betterlint
  rake
  rspec
  steady_state!

BUNDLED WITH
   2.6.3
